PATH
  remote: .
  specs:
    any_login (1.5.3)
      rails (>= 6.0)

GEM
  remote: https://rubygems.org/
  specs:
    actioncable (6.1.6.1)
      actionpack (= 6.1.6.1)
      activesupport (= 6.1.6.1)
      nio4r (~> 2.0)
      websocket-driver (>= 0.6.1)
    actionmailbox (6.1.6.1)
      actionpack (= 6.1.6.1)
      activejob (= 6.1.6.1)
      activerecord (= 6.1.6.1)
      activestorage (= 6.1.6.1)
      activesupport (= 6.1.6.1)
      mail (>= 2.7.1)
    actionmailer (6.1.6.1)
      actionpack (= 6.1.6.1)
      actionview (= 6.1.6.1)
      activejob (= 6.1.6.1)
      activesupport (= 6.1.6.1)
      mail (~> 2.5, >= 2.5.4)
      rails-dom-testing (~> 2.0)
    actionpack (6.1.6.1)
      actionview (= 6.1.6.1)
      activesupport (= 6.1.6.1)
      rack (~> 2.0, >= 2.0.9)
      rack-test (>= 0.6.3)
      rails-dom-testing (~> 2.0)
      rails-html-sanitizer (~> 1.0, >= 1.2.0)
    actiontext (6.1.6.1)
      actionpack (= 6.1.6.1)
      activerecord (= 6.1.6.1)
      activestorage (= 6.1.6.1)
      activesupport (= 6.1.6.1)
      nokogiri (>= 1.8.5)
    actionview (6.1.6.1)
      activesupport (= 6.1.6.1)
      builder (~> 3.1)
      erubi (~> 1.4)
      rails-dom-testing (~> 2.0)
      rails-html-sanitizer (~> 1.1, >= 1.2.0)
    activejob (6.1.6.1)
      activesupport (= 6.1.6.1)
      globalid (>= 0.3.6)
    activemodel (6.1.6.1)
      activesupport (= 6.1.6.1)
    activerecord (6.1.6.1)
      activemodel (= 6.1.6.1)
      activesupport (= 6.1.6.1)
    activestorage (6.1.6.1)
      actionpack (= 6.1.6.1)
      activejob (= 6.1.6.1)
      activerecord (= 6.1.6.1)
      activesupport (= 6.1.6.1)
      marcel (~> 1.0)
      mini_mime (>= 1.1.0)
    activesupport (6.1.6.1)
      concurrent-ruby (~> 1.0, >= 1.0.2)
      i18n (>= 1.6, < 2)
      minitest (>= 5.1)
      tzinfo (~> 2.0)
      zeitwerk (~> 2.3)
    addressable (2.8.6)
      public_suffix (>= 2.0.2, < 6.0)
    appraisal (2.4.1)
      bundler
      rake
      thor (>= 0.14.0)
    argon2 (2.1.1)
      ffi (~> 1.14)
      ffi-compiler (~> 1.0)
    authlogic (6.4.2)
      activemodel (>= 5.2, < 7.1)
      activerecord (>= 5.2, < 7.1)
      activesupport (>= 5.2, < 7.1)
      request_store (~> 1.0)
    bcrypt (3.1.18)
    builder (3.2.4)
    byebug (11.1.3)
    capybara (3.39.2)
      addressable
      matrix
      mini_mime (>= 0.1.3)
      nokogiri (~> 1.8)
      rack (>= 1.6.0)
      rack-test (>= 0.6.3)
      regexp_parser (>= 1.5, < 3.0)
      xpath (~> 3.2)
    clearance (2.6.0)
      actionmailer (>= 5.0)
      activemodel (>= 5.0)
      activerecord (>= 5.0)
      argon2 (~> 2.0, >= 2.0.2)
      bcrypt (>= 3.1.1)
      email_validator (~> 2.0)
      railties (>= 5.0)
    coderay (1.1.3)
    concurrent-ruby (1.1.10)
    crass (1.0.6)
    devise (4.8.1)
      bcrypt (~> 3.0)
      orm_adapter (~> 0.1)
      railties (>= 4.1.0)
      responders
      warden (~> 1.2.3)
    email_validator (2.2.3)
      activemodel
    erubi (1.11.0)
    faraday (2.5.2)
      faraday-net_http (>= 2.0, < 3.1)
      ruby2_keywords (>= 0.0.4)
    faraday-net_http (3.0.0)
    ffi (1.15.5)
    ffi-compiler (1.0.1)
      ffi (>= 1.0.0)
      rake
    globalid (1.0.0)
      activesupport (>= 5.0)
    i18n (1.12.0)
      concurrent-ruby (~> 1.0)
    json (2.6.2)
    jwt (2.4.1)
    loofah (2.18.0)
      crass (~> 1.0.2)
      nokogiri (>= 1.5.9)
    mail (2.7.1)
      mini_mime (>= 0.1.1)
    marcel (1.0.2)
    matrix (0.4.2)
    method_source (1.0.0)
    mini_mime (1.1.5)
    mini_portile2 (2.8.5)
    minitest (5.16.3)
    multi_json (1.15.0)
    multi_xml (0.6.0)
    nio4r (2.5.8)
    nokogiri (1.16.0)
      mini_portile2 (~> 2.8.2)
      racc (~> 1.4)
    nokogiri (1.16.0-arm64-darwin)
      racc (~> 1.4)
    nokogiri (1.16.0-x86_64-linux)
      racc (~> 1.4)
    oauth (0.6.1)
      version_gem (~> 1.1)
    oauth2 (1.4.10)
      faraday (>= 0.17.3, < 3.0)
      jwt (>= 1.0, < 3.0)
      multi_json (~> 1.3)
      multi_xml (~> 0.5)
      rack (>= 1.2, < 3)
    orm_adapter (0.5.0)
    pry (0.14.1)
      coderay (~> 1.1)
      method_source (~> 1.0)
    pry-byebug (3.10.1)
      byebug (~> 11.0)
      pry (>= 0.13, < 0.15)
    pry-rails (0.3.9)
      pry (>= 0.10.4)
    public_suffix (5.0.4)
    racc (1.7.3)
    rack (2.2.8)
    rack-test (2.1.0)
      rack (>= 1.3)
    rails (6.1.6.1)
      actioncable (= 6.1.6.1)
      actionmailbox (= 6.1.6.1)
      actionmailer (= 6.1.6.1)
      actionpack (= 6.1.6.1)
      actiontext (= 6.1.6.1)
      actionview (= 6.1.6.1)
      activejob (= 6.1.6.1)
      activemodel (= 6.1.6.1)
      activerecord (= 6.1.6.1)
      activestorage (= 6.1.6.1)
      activesupport (= 6.1.6.1)
      bundler (>= 1.15.0)
      railties (= 6.1.6.1)
      sprockets-rails (>= 2.0.0)
    rails-dom-testing (2.0.3)
      activesupport (>= 4.2.0)
      nokogiri (>= 1.6)
    rails-html-sanitizer (1.4.3)
      loofah (~> 2.3)
    railties (6.1.6.1)
      actionpack (= 6.1.6.1)
      activesupport (= 6.1.6.1)
      method_source
      rake (>= 12.2)
      thor (~> 1.0)
    rake (13.0.6)
    regexp_parser (2.9.0)
    request_store (1.5.1)
      rack (>= 1.4)
    responders (3.0.1)
      actionpack (>= 5.0)
      railties (>= 5.0)
    rexml (3.2.6)
    ruby2_keywords (0.0.5)
    rubyzip (2.3.2)
    selenium-webdriver (4.16.0)
      rexml (~> 3.2, >= 3.2.5)
      rubyzip (>= 1.2.2, < 3.0)
      websocket (~> 1.0)
    sorcery (0.16.3)
      bcrypt (~> 3.1)
      oauth (~> 0.5, >= 0.5.5)
      oauth2 (~> 1.0, >= 0.8.0)
    sprockets (4.1.1)
      concurrent-ruby (~> 1.0)
      rack (> 1, < 3)
    sprockets-rails (3.4.2)
      actionpack (>= 5.2)
      activesupport (>= 5.2)
      sprockets (>= 3.0.0)
    sqlite3 (1.4.4)
    thor (1.2.1)
    tzinfo (2.0.5)
      concurrent-ruby (~> 1.0)
    version_gem (1.1.0)
    warden (1.2.9)
      rack (>= 2.0.9)
    webrick (1.7.0)
    websocket (1.2.10)
    websocket-driver (0.7.5)
      websocket-extensions (>= 0.1.0)
    websocket-extensions (0.1.5)
    xpath (3.2.0)
      nokogiri (~> 1.8)
    zeitwerk (2.6.0)

PLATFORMS
  arm64-darwin-21
  ruby
  x86_64-linux

DEPENDENCIES
  any_login!
  appraisal
  authlogic
  capybara
  clearance
  devise
  json
  pry
  pry-byebug
  pry-rails
  selenium-webdriver
  sorcery
  sprockets-rails
  sqlite3
  webrick

BUNDLED WITH
   2.3.7
